PATH
  remote: .
  specs:
    hash-tweaks (1.0.1)
      activesupport (>= 3.0, < 6.0)

GEM
  remote: https://rubygems.org/
  specs:
    activesupport (5.2.1)
      concurrent-ruby (~> 1.0, >= 1.0.2)
      i18n (>= 0.7, < 2)
      minitest (~> 5.1)
      tzinfo (~> 1.1)
    concurrent-ruby (1.0.5)
    i18n (1.1.0)
      concurrent-ruby (~> 1.0)
    minitest (5.11.3)
    power_assert (1.1.3)
    rake (12.3.1)
    test-unit (3.2.8)
      power_assert
    thread_safe (0.3.6)
    tzinfo (1.2.5)
      thread_safe (~> 0.1)

PLATFORMS
  ruby

DEPENDENCIES
  bundler (~> 1.7)
  hash-tweaks!
  rake (~> 12.3)
  test-unit (~> 3.2)

BUNDLED WITH
   1.16.5
