PATH
  remote: .
  specs:
    hash-tweaks (1.0.0)
      activesupport (>= 3.0, < 6.0)

GEM
  remote: https://rubygems.org/
  specs:
    activesupport (5.0.2)
      concurrent-ruby (~> 1.0, >= 1.0.2)
      i18n (~> 0.7)
      minitest (~> 5.1)
      tzinfo (~> 1.1)
    concurrent-ruby (1.0.5)
    i18n (0.8.1)
    minitest (5.10.1)
    power_assert (1.0.1)
    rake (12.0.0)
    test-unit (3.2.3)
      power_assert
    thread_safe (0.3.6)
    tzinfo (1.2.2)
      thread_safe (~> 0.1)

PLATFORMS
  ruby

DEPENDENCIES
  bundler (~> 1.7)
  hash-tweaks!
  rake (~> 12.0)
  test-unit (~> 3.2)

BUNDLED WITH
   1.14.3
